GEM
  remote: https://rubygems.org/
  specs:
    activemodel (4.1.8)
      activesupport (= 4.1.8)
      builder (~> 3.1)
    activesupport (4.1.8)
      i18n (~> 0.6, >= 0.6.9)
      json (~> 1.7, >= 1.7.7)
      minitest (~> 5.1)
      thread_safe (~> 0.1)
      tzinfo (~> 1.1)
    backports (3.6.4)
    bson (2.3.0)
    builder (3.2.2)
    connection_pool (2.1.0)
    daemons (1.1.9)
    erubis (2.7.0)
    eventmachine (1.0.3)
    health-data-standards (3.5.3)
      activesupport (~> 4.1.1)
      builder (~> 3.1)
      erubis (~> 2.7.0)
      log4r (~> 1.1.10)
      memoist (~> 0.9.1)
      mongoid (~> 4.0.0)
      mongoid-tree (~> 1.0.4)
      nokogiri (= 1.6.0)
      protected_attributes (~> 1.0.5)
      rest-client (~> 1.6.7)
      rubyzip (= 0.9.9)
      uuid (~> 2.3.7)
    i18n (0.7.0)
    json (1.8.2)
    log4r (1.1.10)
    macaddr (1.7.1)
      systemu (~> 2.6.2)
    memoist (0.9.3)
    mime-types (1.25.1)
    mini_portile (0.5.3)
    minitest (5.5.1)
    mongoid (4.0.0)
      activemodel (~> 4.0)
      moped (~> 2.0.0)
      origin (~> 2.1)
      tzinfo (>= 0.3.37)
    mongoid-tree (1.0.4)
      mongoid (>= 3.0, <= 4.0)
    moped (2.0.3)
      bson (~> 2.2)
      connection_pool (~> 2.0)
      optionable (~> 0.2.0)
    multi_json (1.10.1)
    nokogiri (1.6.0)
      mini_portile (~> 0.5.0)
    optionable (0.2.0)
    origin (2.1.1)
    protected_attributes (1.0.8)
      activemodel (>= 4.0.1, < 5.0)
    rack (1.5.2)
    rack-protection (1.5.3)
      rack
    rack-test (0.6.3)
      rack (>= 1.0)
    rdoc (4.2.0)
      json (~> 1.4)
    rest-client (1.6.8)
      mime-types (~> 1.16)
      rdoc (>= 2.4.2)
    rubyzip (0.9.9)
    sinatra (1.4.5)
      rack (~> 1.4)
      rack-protection (~> 1.4)
      tilt (~> 1.3, >= 1.3.4)
    sinatra-contrib (1.4.2)
      backports (>= 2.0)
      multi_json
      rack-protection
      rack-test
      sinatra (~> 1.4.0)
      tilt (~> 1.3)
    systemu (2.6.4)
    thin (1.6.2)
      daemons (>= 1.0.9)
      eventmachine (>= 1.0.0)
      rack (>= 1.0.0)
    thread_safe (0.3.4)
    tilt (1.4.1)
    tzinfo (1.2.2)
      thread_safe (~> 0.1)
    uuid (2.3.7)
      macaddr (~> 1.0)

PLATFORMS
  ruby

DEPENDENCIES
  erubis
  health-data-standards (= 3.5.3)
  sinatra
  sinatra-contrib
  thin
