GIT
  remote: https://github.com/projectcypress/health-data-standards.git
  revision: e92a2df9e00e27f4ff16709a5f4cc2ee1ca587bb
  branch: mongoid5
  specs:
    health-data-standards (3.6.1)
      activesupport (~> 4.2.0)
      builder (~> 3.1)
      erubis (~> 2.7.0)
      highline (~> 1.7.0)
      log4r (~> 1.1.10)
      memoist (~> 0.9.1)
      mongoid (~> 5.0.0)
      mongoid-tree (~> 2.0.0)
      nokogiri (~> 1.6.8)
      protected_attributes (~> 1.0.5)
      rest-client (~> 1.8.0)
      rubyzip (>= 1.0.0)
      uuid (~> 2.3.7)
      zip-zip

GIT
  remote: https://github.com/projectcypress/quality-measure-engine.git
  revision: 284bd90f8fc00e650630c0d6567f05f8a63347ad
  branch: bump_mongoid
  specs:
    quality-measure-engine (3.1.2)
      delayed_job_mongoid (~> 2.2.0)
      mongoid (~> 5.0.0)
      rubyzip (>= 1.0.0)
      zip-zip

GEM
  remote: http://rubygems.org/
  specs:
    actionmailer (4.2.5.2)
      actionpack (= 4.2.5.2)
      actionview (= 4.2.5.2)
      activejob (= 4.2.5.2)
      mail (~> 2.5, >= 2.5.4)
      rails-dom-testing (~> 1.0, >= 1.0.5)
    actionpack (4.2.5.2)
      actionview (= 4.2.5.2)
      activesupport (= 4.2.5.2)
      rack (~> 1.6)
      rack-test (~> 0.6.2)
      rails-dom-testing (~> 1.0, >= 1.0.5)
      rails-html-sanitizer (~> 1.0, >= 1.0.2)
    actionview (4.2.5.2)
      activesupport (= 4.2.5.2)
      builder (~> 3.1)
      erubis (~> 2.7.0)
      rails-dom-testing (~> 1.0, >= 1.0.5)
      rails-html-sanitizer (~> 1.0, >= 1.0.2)
    activejob (4.2.5.2)
      activesupport (= 4.2.5.2)
      globalid (>= 0.3.0)
    activemodel (4.2.5.2)
      activesupport (= 4.2.5.2)
      builder (~> 3.1)
    activerecord (4.2.5.2)
      activemodel (= 4.2.5.2)
      activesupport (= 4.2.5.2)
      arel (~> 6.0)
    activesupport (4.2.5.2)
      i18n (~> 0.7)
      json (~> 1.7, >= 1.7.7)
      minitest (~> 5.1)
      thread_safe (~> 0.3, >= 0.3.4)
      tzinfo (~> 1.1)
    arel (6.0.3)
    autoprefixer-rails (6.5.1)
      execjs
    bootstrap-sass (3.3.7)
      autoprefixer-rails (>= 5.2.1)
      sass (>= 3.3.4)
    bson (4.1.1)
    builder (3.2.2)
    byebug (9.0.6)
    carrierwave (0.11.2)
      activemodel (>= 3.2.0)
      activesupport (>= 3.2.0)
      json (>= 1.7)
      mime-types (>= 1.16)
      mimemagic (>= 0.3.0)
    carrierwave-mongoid (0.10.0)
      carrierwave (>= 0.8.0, < 0.12.0)
      mongoid (>= 3.0, < 7.0)
      mongoid-grid_fs (>= 1.3, < 3.0)
    coffee-rails (4.0.1)
      coffee-script (>= 2.2.0)
      railties (>= 4.0.0, < 5.0)
    coffee-script (2.4.1)
      coffee-script-source
      execjs
    coffee-script-source (1.10.0)
    concurrent-ruby (1.0.2)
    daemons (1.2.4)
    delayed_job (4.1.2)
      activesupport (>= 3.0, < 5.1)
    delayed_job_mongoid (2.2.0)
      delayed_job (>= 3.0, < 5)
      mongoid (>= 3.0, < 6)
      mongoid-compatibility
    domain_name (0.5.20160826)
      unf (>= 0.0.5, < 1.0.0)
    erubis (2.7.0)
    eventmachine (1.2.0.1)
    execjs (2.7.0)
    font-awesome-sass (4.6.2)
      sass (>= 3.2)
    globalid (0.3.7)
      activesupport (>= 4.1.0)
    highline (1.7.8)
    http-cookie (1.0.3)
      domain_name (~> 0.5)
    i18n (0.7.0)
    jbuilder (2.6.0)
      activesupport (>= 3.0.0, < 5.1)
      multi_json (~> 1.2)
    jquery-rails (4.2.1)
      rails-dom-testing (>= 1, < 3)
      railties (>= 4.2.0)
      thor (>= 0.14, < 2.0)
    json (1.8.3)
    kgio (2.10.0)
    log4r (1.1.10)
    lograge (0.4.1)
      actionpack (>= 4, < 5.1)
      activesupport (>= 4, < 5.1)
      railties (>= 4, < 5.1)
    loofah (2.0.3)
      nokogiri (>= 1.5.9)
    macaddr (1.7.1)
      systemu (~> 2.6.2)
    mail (2.6.4)
      mime-types (>= 1.16, < 4)
    memoist (0.9.3)
    mime-types (2.99.3)
    mimemagic (0.3.2)
    mini_portile2 (2.1.0)
    minitest (5.9.1)
    mongo (2.3.0)
      bson (~> 4.1)
    mongoid (5.0.2)
      activemodel (~> 4.0)
      mongo (~> 2.1)
      origin (~> 2.1)
      tzinfo (>= 0.3.37)
    mongoid-compatibility (0.4.0)
      activesupport
      mongoid (>= 2.0)
    mongoid-grid_fs (2.3.0)
      mime-types (>= 1.0, < 4.0)
      mongoid (>= 3.0, < 7.0)
    mongoid-tree (2.0.1)
      mongoid (>= 4.0, < 6.0)
    multi_json (1.12.1)
    netrc (0.11.0)
    newrelic_rpm (3.16.3.323)
    nokogiri (1.6.8.1)
      mini_portile2 (~> 2.1.0)
    non-stupid-digest-assets (1.0.8)
      sprockets (>= 2.0)
    origin (2.2.0)
    protected_attributes (1.0.9)
      activemodel (>= 4.0.1, < 5.0)
    rack (1.6.4)
    rack-test (0.6.3)
      rack (>= 1.0)
    rails (4.2.5.2)
      actionmailer (= 4.2.5.2)
      actionpack (= 4.2.5.2)
      actionview (= 4.2.5.2)
      activejob (= 4.2.5.2)
      activemodel (= 4.2.5.2)
      activerecord (= 4.2.5.2)
      activesupport (= 4.2.5.2)
      bundler (>= 1.3.0, < 2.0)
      railties (= 4.2.5.2)
      sprockets-rails
    rails-deprecated_sanitizer (1.0.3)
      activesupport (>= 4.2.0.alpha)
    rails-dom-testing (1.0.7)
      activesupport (>= 4.2.0.beta, < 5.0)
      nokogiri (~> 1.6.0)
      rails-deprecated_sanitizer (>= 1.0.1)
    rails-html-sanitizer (1.0.3)
      loofah (~> 2.0)
    railties (4.2.5.2)
      actionpack (= 4.2.5.2)
      activesupport (= 4.2.5.2)
      rake (>= 0.8.7)
      thor (>= 0.18.1, < 2.0)
    raindrops (0.17.0)
    rake (11.3.0)
    rdoc (4.2.2)
      json (~> 1.4)
    rest-client (1.8.0)
      http-cookie (>= 1.0.2, < 2.0)
      mime-types (>= 1.16, < 3.0)
      netrc (~> 0.7)
    rubyzip (1.2.0)
    sass (3.4.22)
    sass-rails (5.0.6)
      railties (>= 4.0.0, < 6)
      sass (~> 3.1)
      sprockets (>= 2.8, < 4.0)
      sprockets-rails (>= 2.0, < 4.0)
      tilt (>= 1.1, < 3)
    sdoc (0.4.2)
      json (~> 1.7, >= 1.7.7)
      rdoc (~> 4.0)
    sprockets (3.7.0)
      concurrent-ruby (~> 1.0)
      rack (> 1, < 3)
    sprockets-rails (3.2.0)
      actionpack (>= 4.0)
      activesupport (>= 4.0)
      sprockets (>= 3.0.0)
    sucker_punch (2.0.2)
      concurrent-ruby (~> 1.0.0)
    systemu (2.6.5)
    therubyrhino (2.0.4)
      therubyrhino_jar (>= 1.7.3)
    therubyrhino_jar (1.7.6)
    thin (1.7.0)
      daemons (~> 1.0, >= 1.0.9)
      eventmachine (~> 1.0, >= 1.0.4)
      rack (>= 1, < 3)
    thor (0.19.1)
    thread_safe (0.3.5)
    tilt (2.0.5)
    turbolinks (5.0.1)
      turbolinks-source (~> 5)
    turbolinks-source (5.0.0)
    tzinfo (1.2.2)
      thread_safe (~> 0.1)
    uglifier (3.0.2)
      execjs (>= 0.3.0, < 3)
    unf (0.1.4)
      unf_ext
    unf_ext (0.0.7.2)
    unicorn (5.1.0)
      kgio (~> 2.6)
      raindrops (~> 0.7)
    unicorn-rails (2.2.1)
      rack
      unicorn
    uuid (2.3.8)
      macaddr (~> 1.0)
    zip-zip (0.3)
      rubyzip (>= 1.0.0)

PLATFORMS
  ruby

DEPENDENCIES
  bootstrap-sass (~> 3.3.6)
  byebug
  carrierwave
  carrierwave-mongoid
  coffee-rails (~> 4.0.0)
  font-awesome-sass
  health-data-standards!
  jbuilder (~> 2.0)
  jquery-rails
  lograge
  newrelic_rpm
  non-stupid-digest-assets
  quality-measure-engine!
  rails (~> 4.2.5.2)
  rubyzip
  sass-rails (~> 5.0.4)
  sdoc (~> 0.4.0)
  sucker_punch (~> 2.0)
  therubyrhino
  thin
  turbolinks
  uglifier (>= 1.3.0)
  unicorn-rails

BUNDLED WITH
   1.12.5
